REDIRECTS: ON
NUGET
  remote: http://api.nuget.org/v3/index.json
    FSharp.Core (4.0.0.1)
    Microsoft.ServiceFabric (5.3.301)
    Microsoft.ServiceFabric.Actors (2.3.301)
      Microsoft.ServiceFabric (5.3.301)
      Microsoft.ServiceFabric.Data (2.3.301)
      Microsoft.ServiceFabric.Services (2.3.301)
    Microsoft.ServiceFabric.Data (2.3.301)
      Microsoft.ServiceFabric (5.3.301)
    Microsoft.ServiceFabric.Services (2.3.301)
      Microsoft.ServiceFabric (5.3.301)
      Microsoft.ServiceFabric.Data (2.3.301)
    Suave (1.1.3)
      FSharp.Core (>= 3.1.2.5)
